GEM
  remote: https://rubygems.org/
  specs:
    actionmailer (4.0.11)
      actionpack (= 4.0.11)
      mail (~> 2.5, >= 2.5.4)
    actionpack (4.0.11)
      activesupport (= 4.0.11)
      builder (~> 3.1.0)
      erubis (~> 2.7.0)
      rack (~> 1.5.2)
      rack-test (~> 0.6.2)
    activemodel (4.0.11)
      activesupport (= 4.0.11)
      builder (~> 3.1.0)
    activerecord (4.0.11)
      activemodel (= 4.0.11)
      activerecord-deprecated_finders (~> 1.0.2)
      activesupport (= 4.0.11)
      arel (~> 4.0.0)
    activerecord-deprecated_finders (1.0.3)
    activesupport (4.0.11)
      i18n (~> 0.6, >= 0.6.9)
      minitest (~> 4.2)
      multi_json (~> 1.3)
      thread_safe (~> 0.1)
      tzinfo (~> 0.3.37)
    arel (4.0.2)
    bootstrap-sass (3.2.0.0)
      sass (~> 3.2)
    builder (3.1.4)
    diff-lcs (1.1.3)
    erubis (2.7.0)
    ethon (0.5.7)
      ffi (~> 1.2.0)
      mime-types (~> 1.18)
    exception_notification (4.0.1)
      actionmailer (>= 3.0.4)
      activesupport (>= 3.0.4)
    execjs (1.4.0)
      multi_json (~> 1.0)
    ffi (1.2.1)
    hike (1.2.3)
    i18n (0.6.11)
    kgio (2.9.2)
    mail (2.6.1)
      mime-types (>= 1.16, < 3)
    mime-types (1.25.1)
    mini_portile (0.6.0)
    minitest (4.7.5)
    multi_json (1.10.1)
    newrelic_rpm (3.9.0.229)
    nokogiri (1.6.2.1)
      mini_portile (= 0.6.0)
    rack (1.5.2)
    rack-test (0.6.2)
      rack (>= 1.0)
    rails (4.0.11)
      actionmailer (= 4.0.11)
      actionpack (= 4.0.11)
      activerecord (= 4.0.11)
      activesupport (= 4.0.11)
      bundler (>= 1.3.0, < 2.0)
      railties (= 4.0.11)
      sprockets-rails (~> 2.0)
    rails_12factor (0.0.2)
      rails_serve_static_assets
      rails_stdout_logging
    rails_serve_static_assets (0.0.1)
    rails_stdout_logging (0.0.1)
    railties (4.0.11)
      actionpack (= 4.0.11)
      activesupport (= 4.0.11)
      rake (>= 0.8.7)
      thor (>= 0.18.1, < 2.0)
    raindrops (0.13.0)
    rake (10.3.2)
    rspec-core (2.12.2)
    rspec-expectations (2.12.1)
      diff-lcs (~> 1.1.3)
    rspec-mocks (2.12.2)
    rspec-rails (2.12.2)
      actionpack (>= 3.0)
      activesupport (>= 3.0)
      railties (>= 3.0)
      rspec-core (~> 2.12.0)
      rspec-expectations (~> 2.12.0)
      rspec-mocks (~> 2.12.0)
    sass (3.2.19)
    sass-rails (4.0.4)
      railties (>= 4.0.0, < 5.0)
      sass (~> 3.2.2)
      sprockets (~> 2.8, < 2.12)
      sprockets-rails (~> 2.0)
    sprockets (2.11.3)
      hike (~> 1.2)
      multi_json (~> 1.0)
      rack (~> 1.0)
      tilt (~> 1.1, != 1.3.0)
    sprockets-rails (2.2.0)
      actionpack (>= 3.0)
      activesupport (>= 3.0)
      sprockets (>= 2.8, < 4.0)
    thor (0.19.1)
    thread_safe (0.3.4)
    tilt (1.4.1)
    typhoeus (0.5.4)
      ethon (~> 0.5.7)
    tzinfo (0.3.42)
    uglifier (1.3.0)
      execjs (>= 0.3.0)
      multi_json (~> 1.0, >= 1.0.2)
    unicorn (4.8.3)
      kgio (~> 2.6)
      rack
      raindrops (~> 0.7)
    vcr (2.4.0)

PLATFORMS
  ruby

DEPENDENCIES
  bootstrap-sass
  exception_notification (>= 4.0)
  newrelic_rpm
  nokogiri
  rails (~> 4.0.2)
  rails_12factor
  rspec-rails
  sass-rails (~> 4.0.0)
  typhoeus
  uglifier (>= 1.0.3)
  unicorn
  vcr
